GEM
  remote: http://rubygems.org/
  specs:
    activemodel (3.1.1)
      activesupport (= 3.1.1)
      builder (~> 3.0.0)
      i18n (~> 0.6)
    activesupport (3.1.1)
      multi_json (~> 1.0)
    bson (1.4.0)
    bson_ext (1.4.0)
    builder (3.0.0)
    i18n (0.6.0)
    json (1.6.1)
    mongo (1.4.0)
      bson (= 1.4.0)
    mongo_ext (0.19.3)
    mongoid (2.1.0)
      activemodel (~> 3.0)
      mongo (~> 1.3)
      tzinfo (~> 0.3.22)
    multi_json (1.0.3)
    rack (1.3.5)
    rack-protection (1.1.4)
      rack
    sinatra (1.3.1)
      rack (>= 1.3.4, ~> 1.3)
      rack-protection (>= 1.1.2, ~> 1.1)
      tilt (>= 1.3.3, ~> 1.3)
    sinatra-mongoid (0.0.2)
      mongo_ext
      mongoid
      sinatra
    slim (1.0.4)
      temple (~> 0.3.4)
      tilt (~> 1.3.2)
    temple (0.3.4)
    tilt (1.3.3)
    tzinfo (0.3.31)

PLATFORMS
  ruby

DEPENDENCIES
  bson_ext (~> 1.4.0)
  json
  mongoid (= 2.1.0)
  sinatra
  sinatra-mongoid
  slim
