GIT
  remote: git://github.com/rafaelss/rack-contrib.git
  revision: cb2c23e54e978ca546b4948868cb3c11438efb68
  branch: mail
  specs:
    rack-contrib (0.9.3)
      rack (>= 0.9.1)

GEM
  remote: https://rubygems.org/
  specs:
    activemodel (3.1.1)
      activesupport (= 3.1.1)
      builder (~> 3.0.0)
      i18n (~> 0.6)
    activesupport (3.1.1)
      multi_json (~> 1.0)
    bson (1.4.0)
    bson_ext (1.4.0)
    builder (3.0.0)
    haml (3.0.25)
    i18n (0.6.0)
    json (1.6.1)
    mail (2.2.1)
      activesupport (>= 2.3.4)
      mime-types
      treetop (>= 1.4.5)
    mime-types (1.17.2)
    mongo (1.4.0)
      bson (= 1.4.0)
    mongo_ext (0.19.3)
    mongoid (2.0.0)
      activemodel (~> 3.0)
      mongo (~> 1.2)
      tzinfo (~> 0.3.22)
      will_paginate (~> 3.0.pre)
    multi_json (1.0.3)
    nbp_exchange (0.0.3)
      nokogiri
    nokogiri (1.5.2)
    polyglot (0.3.3)
    puma (2.11.3)
      rack (>= 1.1, < 2.0)
    rack (1.3.5)
    rack-protection (1.1.4)
      rack
    rake (10.4.2)
    sinatra (1.3.1)
      rack (~> 1.3, >= 1.3.4)
      rack-protection (~> 1.1, >= 1.1.2)
      tilt (~> 1.3, >= 1.3.3)
    sinatra-mongoid (0.0.2)
      mongo_ext
      mongoid
      sinatra
    tilt (1.3.3)
    treetop (1.4.10)
      polyglot
      polyglot (>= 0.3.1)
    tzinfo (0.3.31)
    will_paginate (3.0.2)

PLATFORMS
  ruby

DEPENDENCIES
  bson_ext (~> 1.4.0)
  haml
  json
  mail (= 2.2.1)
  mongoid (= 2.0.0)
  nbp_exchange (~> 0.0.3)
  puma
  rack-contrib!
  rake
  sinatra
  sinatra-mongoid
