GEM
  remote: http://rubygems.org/
  specs:
    activemodel (3.1.1)
      activesupport (= 3.1.1)
      builder (~> 3.0.0)
      i18n (~> 0.6)
    activesupport (3.1.1)
      multi_json (~> 1.0)
    bson (1.4.0)
    bson_ext (1.4.0)
    builder (3.0.0)
    haml (3.0.25)
    i18n (0.6.0)
    json (1.6.1)
    mongo (1.4.0)
      bson (= 1.4.0)
    mongo_ext (0.19.3)
    mongoid (2.0.0)
      activemodel (~> 3.0)
      mongo (~> 1.2)
      tzinfo (~> 0.3.22)
      will_paginate (~> 3.0.pre)
    multi_json (1.0.3)
    nbp_exchange (0.0.2)
      nokogiri
    nokogiri (1.5.0)
    rack (1.3.5)
    rack-contrib (1.1.0)
      rack (>= 0.9.1)
    rack-protection (1.1.4)
      rack
    sinatra (1.3.1)
      rack (~> 1.3, >= 1.3.4)
      rack-protection (~> 1.1, >= 1.1.2)
      tilt (~> 1.3, >= 1.3.3)
    sinatra-mongoid (0.0.2)
      mongo_ext
      mongoid
      sinatra
    tilt (1.3.3)
    tmail (1.2.7.1)
    tzinfo (0.3.31)
    will_paginate (3.0.2)

PLATFORMS
  ruby

DEPENDENCIES
  bson_ext (~> 1.4.0)
  haml
  json
  mongoid (= 2.0.0)
  nbp_exchange (~> 0.0.2)
  rack-contrib
  sinatra
  sinatra-mongoid
  tmail
